GEM
  remote: https://rubygems.org/
  specs:
    airbrussh (1.3.0)
      sshkit (>= 1.6.1, != 1.7.0)
    capistrano (3.10.2)
      airbrussh (>= 1.0.0)
      i18n
      rake (>= 10.0.0)
      sshkit (>= 1.9.0)
    capistrano-bundler (1.3.0)
      capistrano (~> 3.1)
      sshkit (~> 1.2)
    concurrent-ruby (1.0.5)
    i18n (1.0.1)
      concurrent-ruby (~> 1.0)
    net-scp (1.2.1)
      net-ssh (>= 2.6.5)
    net-ssh (4.2.0)
    railsless-deploy (1.1.3)
    rake (12.3.1)
    rvm-capistrano (1.5.0)
      capistrano (>= 2.15.4)
    sshkit (1.16.1)
      net-scp (>= 1.1.2)
      net-ssh (>= 2.8.0)

PLATFORMS
  ruby

DEPENDENCIES
  capistrano (~> 3.10, >= 3.10.2)
  capistrano-bundler (~> 1.3)
  railsless-deploy (~> 1.1.3)
  rvm-capistrano

BUNDLED WITH
   1.16.1
